GEM
  remote: https://rubygems.org/
  specs:
    rake (10.0.3)
    sugarcube (0.19.5)
    sweettea (0.5.6)
      rake
      sugarcube
      teacup
    teacup (1.2.8)
      rake

PLATFORMS
  ruby

DEPENDENCIES
  sugarcube
  sweettea
  teacup
